GEM
  remote: http://ruby.taobao.org/
  specs:

PLATFORMS
  ruby

DEPENDENCIES

BUNDLED WITH
   2.0.2
